PATH
  remote: .
  specs:
    sahara (0.0.10)
      popen4 (~> 0.1.2)
      thor (~> 0.14.6)
      vagrant (~> 1.0)

GEM
  remote: http://rubygems.org/
  specs:
    Platform (0.4.0)
    archive-tar-minitar (0.5.2)
    childprocess (0.3.1)
      ffi (~> 1.0.6)
    erubis (2.7.0)
    ffi (1.0.11)
    i18n (0.6.0)
    json (1.5.4)
    log4r (1.1.10)
    net-scp (1.0.4)
      net-ssh (>= 1.99.1)
    net-ssh (2.2.2)
    open4 (1.3.0)
    popen4 (0.1.2)
      Platform (>= 0.4.0)
      open4 (>= 0.4.0)
    rake (0.9.2.2)
    thor (0.14.6)
    vagrant (1.0.1)
      archive-tar-minitar (= 0.5.2)
      childprocess (~> 0.3.1)
      erubis (~> 2.7.0)
      i18n (~> 0.6.0)
      json (~> 1.5.1)
      log4r (~> 1.1.9)
      net-scp (~> 1.0.4)
      net-ssh (~> 2.2.2)

PLATFORMS
  ruby

DEPENDENCIES
  rake
  sahara!
